GEM
  remote: https://rubygems.org/
  specs:
    ast (2.4.2)
    colorize (1.1.0)
    parser (3.3.5.0)
      ast (~> 2.4.1)
      racc
    power_assert (2.0.3)
    racc (1.8.1)
    test-unit (3.6.2)
      power_assert

PLATFORMS
  ruby
  x86_64-linux

DEPENDENCIES
  colorize
  parser
  test-unit

RUBY VERSION
   ruby 3.3.5p100

BUNDLED WITH
   2.5.20
